GEM
  remote: https://rubygems.org/
  specs:
    gruff (0.5.1)
      rmagick
    rake (10.4.2)
    rmagick (2.15.0)

PLATFORMS
  ruby

DEPENDENCIES
  gruff
  rake
  rmagick

BUNDLED WITH
   1.10.3
